GIT
  remote: git://github.com/axocomm/lcdeploy.git
  revision: 8eeaf1f1bf982811561a0c24e4bdf3cf2df1ee3a
  specs:
    lcdeploy (0.4)
      colorize (~> 0.8)
      net-scp (~> 1.2)
      net-ssh (~> 4.2)
      thor (~> 0.20)

GEM
  remote: https://rubygems.org/
  specs:
    colorize (0.8.1)
    net-scp (1.2.1)
      net-ssh (>= 2.6.5)
    net-ssh (4.2.0)
    rake (13.0.1)
    thor (0.20.0)

PLATFORMS
  ruby

DEPENDENCIES
  lcdeploy!
  net-ssh
  rake (>= 12.3.3)

BUNDLED WITH
   1.16.5
